PATH
  remote: .
  specs:
    cuke_sniffer (0.0.6)
      roxml

GEM
  remote: https://rubygems.org/
  specs:
    activesupport (3.2.12)
      i18n (~> 0.6)
      multi_json (~> 1.0)
    builder (3.1.4)
    cucumber (1.2.1)
      builder (>= 2.1.2)
      diff-lcs (>= 1.1.3)
      gherkin (~> 2.11.0)
      json (>= 1.4.6)
    diff-lcs (1.1.3)
    gherkin (2.11.5)
      json (>= 1.4.6)
    gherkin (2.11.5-java)
      json (>= 1.4.6)
    gherkin (2.11.5-x86-mingw32)
      json (>= 1.4.6)
    i18n (0.6.4)
    json (1.5.4)
    json (1.5.4-java)
    multi_json (1.6.1)
    nokogiri (1.5.5)
    nokogiri (1.5.5-java)
    nokogiri (1.5.5-x86-mingw32)
    rake (10.0.2)
    roxml (3.3.1)
      activesupport (>= 2.3.0)
      nokogiri (>= 1.3.3)
    rspec (2.12.0)
      rspec-core (~> 2.12.0)
      rspec-expectations (~> 2.12.0)
      rspec-mocks (~> 2.12.0)
    rspec-core (2.12.0)
    rspec-expectations (2.12.0)
      diff-lcs (~> 1.1.3)
    rspec-mocks (2.12.0)

PLATFORMS
  java
  ruby
  x86-mingw32

DEPENDENCIES
  cucumber
  cuke_sniffer!
  nokogiri
  rake
  roxml
  rspec
